GIT
  remote: git://github.com/capistrano/rbenv.git
  revision: 67222bbce120323e422b051dcd167d8e2d3adbf0
  specs:
    capistrano-rbenv (2.0.0)
      capistrano (~> 3.0)
      sshkit (~> 1.3)

GEM
  remote: https://rubygems.org/
  specs:
    capistrano (3.0.1)
      i18n
      rake (>= 10.0.0)
      sshkit (>= 0.0.23)
    capistrano-bundler (1.1.1)
      capistrano (~> 3.0)
      sshkit (>= 1.2.0)
    capistrano-rails (1.1.0)
      capistrano (>= 3.0.0)
      capistrano-bundler (>= 1.0.0)
    coderay (1.1.0)
    i18n (0.6.9)
    method_source (0.8.2)
    net-scp (1.1.2)
      net-ssh (>= 2.6.5)
    net-ssh (2.7.0)
    pry (0.9.12.4)
      coderay (~> 1.0)
      method_source (~> 0.8)
      slop (~> 3.4)
    rake (10.1.1)
    slop (3.4.7)
    sshkit (1.3.0)
      net-scp (>= 1.1.2)
      net-ssh
      term-ansicolor
    term-ansicolor (1.2.2)
      tins (~> 0.8)
    tins (0.13.1)

PLATFORMS
  ruby

DEPENDENCIES
  capistrano (~> 3.0.1)
  capistrano-rails (~> 1.1)
  capistrano-rbenv!
  pry
